GIT
  remote: https://github.com/NoamB/sorcery.git
  revision: a1b365b8c099a942e517d8e75335c4101b1dd88b
  specs:
    sorcery (0.7.12)
      bcrypt-ruby (~> 3.0.0)
      oauth (~> 0.4.4)
      oauth2 (~> 0.5.1)

GIT
  remote: https://github.com/seyhunak/twitter-bootstrap-rails.git
  revision: cbd406f540424a3638ac436e699f803ed0b85e2b
  specs:
    twitter-bootstrap-rails (2.1.0)
      actionpack (>= 3.1)
      less-rails (~> 2.2.2)
      railties (>= 3.1)
      therubyracer (= 0.10.1)

GEM
  remote: https://rubygems.org/
  specs:
    actionmailer (3.2.9)
      actionpack (= 3.2.9)
      mail (~> 2.4.4)
    actionpack (3.2.9)
      activemodel (= 3.2.9)
      activesupport (= 3.2.9)
      builder (~> 3.0.0)
      erubis (~> 2.7.0)
      journey (~> 1.0.4)
      rack (~> 1.4.0)
      rack-cache (~> 1.2)
      rack-test (~> 0.6.1)
      sprockets (~> 2.2.1)
    activemodel (3.2.9)
      activesupport (= 3.2.9)
      builder (~> 3.0.0)
    activerecord (3.2.9)
      activemodel (= 3.2.9)
      activesupport (= 3.2.9)
      arel (~> 3.0.2)
      tzinfo (~> 0.3.29)
    activeresource (3.2.9)
      activemodel (= 3.2.9)
      activesupport (= 3.2.9)
    activesupport (3.2.9)
      i18n (~> 0.6)
      multi_json (~> 1.0)
    addressable (2.2.8)
    arel (3.0.2)
    bcrypt-ruby (3.0.1)
    builder (3.0.4)
    capybara (1.1.2)
      mime-types (>= 1.16)
      nokogiri (>= 1.3.3)
      rack (>= 1.0.0)
      rack-test (>= 0.5.4)
      selenium-webdriver (~> 2.0)
      xpath (~> 0.1.4)
    childprocess (0.3.2)
      ffi (~> 1.0.6)
    coffee-rails (3.2.2)
      coffee-script (>= 2.2.0)
      railties (~> 3.2.0)
    coffee-script (2.2.0)
      coffee-script-source
      execjs
    coffee-script-source (1.3.3)
    commonjs (0.2.6)
    diff-lcs (1.1.3)
    erubis (2.7.0)
    evergreen (1.0.0)
      capybara (~> 1.0)
      coffee-script
      json_pure
      launchy
      sinatra (~> 1.1)
    execjs (1.4.0)
      multi_json (~> 1.0)
    factory_girl (2.1.0)
    factory_girl_rails (1.2.0)
      factory_girl (~> 2.1.0)
      railties (>= 3.0.0)
    faraday (0.8.1)
      multipart-post (~> 1.1)
    ffi (1.0.11)
    handlebars_assets (0.4.4)
      execjs (>= 1.2.9)
      sprockets (>= 2.0.3)
      tilt
    hike (1.2.1)
    httparty (0.8.3)
      multi_json (~> 1.0)
      multi_xml
    i18n (0.6.1)
    journey (1.0.4)
    jquery-rails (2.0.2)
      railties (>= 3.2.0, < 5.0)
      thor (~> 0.14)
    json (1.7.5)
    json_pure (1.7.3)
    launchy (2.1.0)
      addressable (~> 2.2.6)
    less (2.2.1)
      commonjs (~> 0.2.6)
    less-rails (2.2.3)
      actionpack (>= 3.1)
      less (~> 2.2.0)
    libv8 (3.3.10.4)
    libwebsocket (0.1.3)
      addressable
    mail (2.4.4)
      i18n (>= 0.4.0)
      mime-types (~> 1.16)
      treetop (~> 1.4.8)
    mime-types (1.19)
    multi_json (1.4.0)
    multi_xml (0.5.1)
    multipart-post (1.1.5)
    nokogiri (1.5.3)
    oauth (0.4.6)
    oauth2 (0.5.2)
      faraday (~> 0.7)
      multi_json (~> 1.0)
    pg (0.13.2)
    polyglot (0.3.3)
    rack (1.4.1)
    rack-cache (1.2)
      rack (>= 0.4)
    rack-protection (1.2.0)
      rack
    rack-ssl (1.3.2)
      rack
    rack-test (0.6.2)
      rack (>= 1.0)
    rails (3.2.9)
      actionmailer (= 3.2.9)
      actionpack (= 3.2.9)
      activerecord (= 3.2.9)
      activeresource (= 3.2.9)
      activesupport (= 3.2.9)
      bundler (~> 1.0)
      railties (= 3.2.9)
    railties (3.2.9)
      actionpack (= 3.2.9)
      activesupport (= 3.2.9)
      rack-ssl (~> 1.3.2)
      rake (>= 0.8.7)
      rdoc (~> 3.4)
      thor (>= 0.14.6, < 2.0)
    rake (10.0.2)
    rdoc (3.12)
      json (~> 1.4)
    rspec (2.9.0)
      rspec-core (~> 2.9.0)
      rspec-expectations (~> 2.9.0)
      rspec-mocks (~> 2.9.0)
    rspec-core (2.9.0)
    rspec-expectations (2.9.0)
      diff-lcs (~> 1.1.3)
    rspec-mocks (2.9.0)
    rspec-rails (2.9.0)
      actionpack (>= 3.0)
      activesupport (>= 3.0)
      railties (>= 3.0)
      rspec (~> 2.9.0)
    rubyzip (0.9.8)
    sass (3.1.19)
    sass-rails (3.2.5)
      railties (~> 3.2.0)
      sass (>= 3.1.10)
      tilt (~> 1.3)
    selenium-webdriver (2.22.2)
      childprocess (>= 0.2.5)
      ffi (~> 1.0)
      libwebsocket (~> 0.1.3)
      multi_json (~> 1.0)
      rubyzip
    simple_form (2.0.2)
      actionpack (~> 3.0)
      activemodel (~> 3.0)
    sinatra (1.3.2)
      rack (~> 1.3, >= 1.3.6)
      rack-protection (~> 1.2)
      tilt (~> 1.3, >= 1.3.3)
    sprockets (2.2.2)
      hike (~> 1.2)
      multi_json (~> 1.0)
      rack (~> 1.0)
      tilt (~> 1.1, != 1.3.0)
    sqlite3 (1.3.6)
    therubyracer (0.10.1)
      libv8 (~> 3.3.10)
    thor (0.16.0)
    tilt (1.3.3)
    treetop (1.4.12)
      polyglot
      polyglot (>= 0.3.1)
    tzinfo (0.3.35)
    uglifier (1.2.4)
      execjs (>= 0.3.0)
      multi_json (>= 1.0.2)
    xpath (0.1.4)
      nokogiri (~> 1.3)

PLATFORMS
  ruby

DEPENDENCIES
  coffee-rails
  evergreen
  factory_girl_rails
  handlebars_assets
  httparty
  jquery-rails
  pg
  rails (= 3.2.9)
  rspec-rails
  sass-rails
  simple_form
  sorcery!
  sqlite3
  twitter-bootstrap-rails!
  uglifier
